GEM
  remote: https://rubygems.org/
  specs:
    concurrent-ruby (1.0.5)
    diff-lcs (1.3)
    mini_portile2 (2.3.0)
    rspec (3.7.0)
      rspec-core (~> 3.7.0)
      rspec-expectations (~> 3.7.0)
      rspec-mocks (~> 3.7.0)
    rspec-core (3.7.1)
      rspec-support (~> 3.7.0)
    rspec-expectations (3.7.0)
      diff-lcs (>= 1.2.0, < 2.0)
      rspec-support (~> 3.7.0)
    rspec-mocks (3.7.0)
      diff-lcs (>= 1.2.0, < 2.0)
      rspec-support (~> 3.7.0)
    rspec-support (3.7.1)
    sqlite3 (1.3.13)
    sqlite3 (1.3.13-x86-mingw32)
    tiny_tds (2.0.0)
      mini_portile2 (~> 2.0)
    tiny_tds (2.0.0-x86-mingw32)
      mini_portile2 (~> 2.0)

PLATFORMS
  ruby
  x86-mingw32

DEPENDENCIES
  concurrent-ruby
  rspec
  sqlite3
  tiny_tds (= 2.0)
